GEM
  remote: http://rubygems.org/
  specs:
    addressable (2.3.2)
    backports (2.6.4)
    builder (3.0.0)
    capybara (1.1.2)
      mime-types (>= 1.16)
      nokogiri (>= 1.3.3)
      rack (>= 1.0.0)
      rack-test (>= 0.5.4)
      selenium-webdriver (~> 2.0)
      xpath (~> 0.1.4)
    childprocess (0.3.5)
      ffi (~> 1.0, >= 1.0.6)
    cucumber (1.2.1)
      builder (>= 2.1.2)
      diff-lcs (>= 1.1.3)
      gherkin (~> 2.11.0)
      json (>= 1.4.6)
    cucumber-sinatra (0.5.0)
      templater (>= 1.0.0)
    diff-lcs (1.1.3)
    eventmachine (1.0.0-x86-mingw32)
    extlib (0.9.15)
    faraday (0.8.4)
      multipart-post (~> 1.1)
    ffi (1.1.5-x86-mingw32)
    gherkin (2.11.2-x86-mingw32)
      json (>= 1.4.6)
    highline (1.6.14)
    json (1.7.5)
    libwebsocket (0.1.5)
      addressable
    mime-types (1.19)
    multi_json (1.3.6)
    multipart-post (1.1.5)
    nokogiri (1.5.5-x86-mingw32)
    rack (1.4.1)
    rack-protection (1.2.0)
      rack
    rack-test (0.6.1)
      rack (>= 1.0)
    rubyzip (0.9.6.1)
    selenium-webdriver (2.25.0)
      childprocess (>= 0.2.5)
      libwebsocket (~> 0.1.3)
      multi_json (~> 1.0)
      rubyzip
    simple_oauth (0.1.9)
    sinatra (1.3.3)
      rack (~> 1.3, >= 1.3.6)
      rack-protection (~> 1.2)
      tilt (~> 1.3, >= 1.3.3)
    sinatra-contrib (1.3.1)
      backports (>= 2.0)
      eventmachine
      rack-protection
      rack-test
      sinatra (~> 1.3.0)
      tilt (~> 1.3)
    sinatra-reloader (1.0)
      sinatra-contrib
    templater (1.0.0)
      diff-lcs (>= 1.1.2)
      extlib (>= 0.9.5)
      highline (>= 1.4.0)
    tilt (1.3.3)
    twitter (3.7.0)
      faraday (~> 0.8)
      multi_json (~> 1.3)
      simple_oauth (~> 0.1.6)
    xpath (0.1.4)
      nokogiri (~> 1.3)

PLATFORMS
  x86-mingw32

DEPENDENCIES
  capybara (~> 1.1.2)
  cucumber (~> 1.2.1)
  cucumber-sinatra (~> 0.5.0)
  sinatra
  sinatra-reloader
  twitter (~> 3.7.0)
